NUGET
  remote: https://nuget.org/api/v2
  specs:
    FsCheck (2.1.0)
      FSharp.Core (>= 3.1.2.5)
    FsCheck.Nunit (2.1.0)
      FsCheck (>= 2.1.0)
      NUnit (>= 2.6.4)
      NUnit.Runners (>= 2.6.4)
    FSharp.Core (4.0.0.1)
    NUnit (2.6.4)
    NUnit.Runners (2.6.4)
    Suave (0.32.1)
      FSharp.Core (>= 3.1.2.5)
